PATH
  remote: .
  specs:
    r00lz (0.1.0)
      rack (~> 2.0.7)

GEM
  remote: https://rubygems.org/
  specs:
    rack (2.0.9)
    rake (12.3.3)

PLATFORMS
  ruby

DEPENDENCIES
  r00lz!
  rake (~> 12.0)

BUNDLED WITH
   2.1.4
